GIT
  remote: git://github.com/sinatra/sinatra.git
  revision: 96c755ed279d385f4a84d100a8c6a1ae6645dd7d
  specs:
    sinatra (1.4.3)
      rack (~> 1.4)
      rack-protection (~> 1.4)
      tilt (~> 1.3, >= 1.3.4)

GEM
  remote: https://rubygems.org/
  specs:
    rack (1.5.2)
    rack-protection (1.5.0)
      rack
    tilt (1.4.1)

PLATFORMS
  ruby

DEPENDENCIES
  sinatra!
